GIT
  remote: https://github.com/cloudfoundry/loggregator_messages.git
  revision: f039e40bbd87747ff850c59f5d5f0dfe66001b0b
  specs:
    loggregator_messages (0.0.1.pre)
      beefcake (~> 0.3.7)

PATH
  remote: .
  specs:
    loggregator_emitter (0.0.1.pre)

GEM
  remote: https://rubygems.org/
  specs:
    beefcake (0.3.7)
    diff-lcs (1.2.4)
    rake (10.1.0)
    rspec (2.14.1)
      rspec-core (~> 2.14.0)
      rspec-expectations (~> 2.14.0)
      rspec-mocks (~> 2.14.0)
    rspec-core (2.14.5)
    rspec-expectations (2.14.2)
      diff-lcs (>= 1.1.3, < 2.0)
    rspec-mocks (2.14.3)

PLATFORMS
  ruby

DEPENDENCIES
  bundler (~> 1.3)
  loggregator_emitter!
  loggregator_messages!
  rake (~> 10.1.0)
  rspec (~> 2.14.1)
